GEM
  remote: http://rubygems.org/
  specs:
    httparty (0.11.0)
      multi_json (~> 1.0)
      multi_xml (>= 0.5.2)
    json (1.8.1)
    mime-types (1.25)
    multi_json (1.8.2)
    multi_xml (0.5.5)
    pinboard (0.1.1)
      httparty (= 0.11.0)
    rest-client (1.6.7)
      mime-types (>= 1.16)

PLATFORMS
  ruby

DEPENDENCIES
  json
  pinboard
  rest-client
  win32console (>= 1.3.2)
