GEM
  remote: http://rubygems.org/
  specs:
    json (1.8.1)
    mime-types (1.25)
    rest-client (1.6.7)
      mime-types (>= 1.16)

PLATFORMS
  ruby

DEPENDENCIES
  clipboard
  json
  rest-client
  win32console (>= 1.3.2)
